PATH
  remote: .
  specs:
    parawall (0.0.1)
      net-scp
      thor

GEM
  remote: https://rubygems.org/
  specs:
    net-scp (1.1.2)
      net-ssh (>= 2.6.5)
    net-ssh (2.7.0)
    thor (0.18.1)

PLATFORMS
  ruby

DEPENDENCIES
  parawall!
